GEM
  remote: https://rubygems.org/
  specs:
    httparty (0.13.3)
      json (~> 1.8)
      multi_xml (>= 0.5.2)
    httpclient (2.6.0.1)
    json (1.8.2)
    multi_json (1.11.0)
    multi_xml (0.5.5)
    pusher (0.14.4)
      httpclient (~> 2.5)
      multi_json (~> 1.0)
      signature (~> 0.1.8)
    rack (1.6.0)
    redis (3.2.1)
    signature (0.1.8)

PLATFORMS
  ruby

DEPENDENCIES
  httparty
  pusher
  rack
  redis
